PATH
  remote: .
  specs:
    eguen_palindrome (0.1.0)

GEM
  remote: https://rubygems.org/
  specs:
    ansi (1.5.0)
    builder (3.3.0)
    minitest (5.25.5)
    minitest-reporters (1.6.0)
      ansi
      builder
      minitest (>= 5.0)
      ruby-progressbar
    rake (13.2.1)
    ruby-progressbar (1.13.0)

PLATFORMS
  ruby
  x86_64-linux

DEPENDENCIES
  eguen_palindrome!
  minitest (~> 5.16)
  minitest-reporters (= 1.6)
  rake (~> 13.0)

BUNDLED WITH
   2.5.22
